PATH
  remote: .
  specs:
    numeral (0.1.0)

GEM
  remote: https://rubygems.org/
  specs:
    ansi (1.5.0)
    builder (3.2.4)
    dotenv (2.8.1)
    minitest (5.20.0)
    minitest-reporters (1.6.1)
      ansi
      builder
      minitest (>= 5.0)
      ruby-progressbar
    rake (13.0.6)
    ruby-progressbar (1.13.0)

PLATFORMS
  arm64-darwin-22

DEPENDENCIES
  dotenv
  minitest
  minitest-reporters
  numeral!
  rake

BUNDLED WITH
   2.4.17
